GEM
  remote: https://rubygems.org/
  remote: https://gem.fury.io/engineerai/
  specs:
    account_block (0.0.30)
      bcrypt (= 3.1.16)
      builder_base
      builder_json_web_token (= 0.0.7)
      bx_block_sms
      countries (= 3.0.1)
      phonelib (= 0.6.47)
      stripe
      wisper (= 2.0.1)
    ace-rails-ap (4.4)
    actioncable (6.0.3.6)
      actionpack (= 6.0.3.6)
      nio4r (~> 2.0)
      websocket-driver (>= 0.6.1)
    actionmailbox (6.0.3.6)
      actionpack (= 6.0.3.6)
      activejob (= 6.0.3.6)
      activerecord (= 6.0.3.6)
      activestorage (= 6.0.3.6)
      activesupport (= 6.0.3.6)
      mail (>= 2.7.1)
    actionmailer (6.0.3.6)
      actionpack (= 6.0.3.6)
      actionview (= 6.0.3.6)
      activejob (= 6.0.3.6)
      mail (~> 2.5, >= 2.5.4)
      rails-dom-testing (~> 2.0)
    actionpack (6.0.3.6)
      actionview (= 6.0.3.6)
      activesupport (= 6.0.3.6)
      rack (~> 2.0, >= 2.0.8)
      rack-test (>= 0.6.3)
      rails-dom-testing (~> 2.0)
      rails-html-sanitizer (~> 1.0, >= 1.2.0)
    actiontext (6.0.3.6)
      actionpack (= 6.0.3.6)
      activerecord (= 6.0.3.6)
      activestorage (= 6.0.3.6)
      activesupport (= 6.0.3.6)
      nokogiri (>= 1.8.5)
    actionview (6.0.3.6)
      activesupport (= 6.0.3.6)
      builder (~> 3.1)
      erubi (~> 1.4)
      rails-dom-testing (~> 2.0)
      rails-html-sanitizer (~> 1.1, >= 1.2.0)
    active_admin_datetimepicker (1.0.0)
      activeadmin (>= 2.0, < 3.a)
    active_admin_role (0.2.2)
      activeadmin (>= 1.2.0)
      cancancan (>= 1.15.0)
      railties (>= 5.0.0)
    active_model_validates_intersection_of (3.0.1)
      activemodel (>= 5.0.0)
    activeadmin (2.12.0)
      arbre (~> 1.2, >= 1.2.1)
      formtastic (>= 3.1, < 5.0)
      formtastic_i18n (~> 0.4)
      inherited_resources (~> 1.7)
      jquery-rails (~> 4.2)
      kaminari (~> 1.0, >= 1.2.1)
      railties (>= 6.0, < 7.1)
      ransack (>= 2.1.1, < 4)
    activeadmin_json_editor (0.0.10)
      ace-rails-ap
      railties (>= 3.0)
    activejob (6.0.3.6)
      activesupport (= 6.0.3.6)
      globalid (>= 0.3.6)
    activemodel (6.0.3.6)
      activesupport (= 6.0.3.6)
    activerecord (6.0.3.6)
      activemodel (= 6.0.3.6)
      activesupport (= 6.0.3.6)
    activestorage (6.0.3.6)
      actionpack (= 6.0.3.6)
      activejob (= 6.0.3.6)
      activerecord (= 6.0.3.6)
      marcel (~> 1.0.0)
    activestorage-validator (0.1.5)
      rails (>= 5.2.0)
    activesupport (6.0.3.6)
      concurrent-ruby (~> 1.0, >= 1.0.2)
      i18n (>= 0.7, < 2)
      minitest (~> 5.1)
      tzinfo (~> 1.1)
      zeitwerk (~> 2.2, >= 2.2.2)
    acts-as-taggable-on (9.0.1)
      activerecord (>= 6.0, < 7.1)
    addressable (2.8.1)
      public_suffix (>= 2.0.2, < 6.0)
    anyway_config (2.3.0)
      ruby-next-core (>= 0.14.0)
    arbre (1.5.0)
      activesupport (>= 3.0.0, < 7.1)
      ruby2_keywords (>= 0.0.2, < 1.0)
    aws-eventstream (1.2.0)
    aws-partitions (1.665.0)
    aws-sdk-core (3.168.1)
      aws-eventstream (~> 1, >= 1.0.2)
      aws-partitions (~> 1, >= 1.651.0)
      aws-sigv4 (~> 1.5)
      jmespath (~> 1, >= 1.6.1)
    aws-sdk-kms (1.59.0)
      aws-sdk-core (~> 3, >= 3.165.0)
      aws-sigv4 (~> 1.1)
    aws-sdk-s3 (1.117.1)
      aws-sdk-core (~> 3, >= 3.165.0)
      aws-sdk-kms (~> 1)
      aws-sigv4 (~> 1.4)
    aws-sigv4 (1.5.2)
      aws-eventstream (~> 1, >= 1.0.2)
    bcrypt (3.1.16)
    buftok (0.2.0)
    builder (3.2.4)
    builder_base (0.0.50)
      fast_jsonapi
      jsonapi.rb
      rails (= 6.0.3.6)
    builder_json_web_token (0.0.7)
      builder_base
      jwt
    bx_block_account_groups (0.0.2)
      builder_base
      bx_block_admin
      bx_block_login-3d0582b5
      bx_block_roles_permissions-c50949d0
      rswag
    bx_block_address-07f1bf4f (0.0.8)
      account_block
      builder_base
      builder_json_web_token
      bx_block_login-3d0582b5
      geocoder
    bx_block_admin (0.0.15)
      builder_base
      devise
    bx_block_appointment_management-eb816fd3 (0.0.9)
      account_block
      builder_base
      builder_json_web_token
      bx_block_login-3d0582b5
      sidekiq (~> 6.1.0)
    bx_block_catalogue-0e5da613 (0.0.8)
      account_block
      builder_base
      builder_json_web_token
      bx_block_categories-acd0763f
      bx_block_login-3d0582b5
    bx_block_categories-acd0763f (0.0.9)
      account_block
      builder_base
      builder_json_web_token
      bx_block_login-3d0582b5
      carrierwave
      carrierwave-aws
      kaminari
    bx_block_chat (0.0.19)
      bx_block_push_notifications-c0f9e9b7
    bx_block_comments-568532a5 (0.0.19)
      builder_base
      bx_block_like
      bx_block_login-3d0582b5
      bx_block_posts-3dc5b993
      pundit
      yaml_db
    bx_block_communityforum (0.0.3)
      account_block
      builder_base
      bx_block_posts-3dc5b993
      kaminari
    bx_block_contact_us-6e0a750f (0.0.3)
      account_block
      builder_base
      builder_json_web_token
      bx_block_login-3d0582b5
    bx_block_cors (0.0.3)
      builder_base
    bx_block_custom_form-63cd533b (0.0.7)
      account_block
      builder_base
      builder_json_web_token
      bx_block_login-3d0582b5
      geokit-rails
    bx_block_dashboard-9a14cb77 (0.0.3)
      builder_base
    bx_block_favourites (0.0.4)
      account_block
      builder_base
      builder_json_web_token
      bx_block_login-3d0582b5
    bx_block_followers-ea7cb581 (0.0.4)
      account_block
      builder_base
      builder_json_web_token
      bx_block_login-3d0582b5
      pundit
    bx_block_forgot_password-4de8968b (0.0.6)
      account_block
      builder_base (> 0.0.30)
      builder_json_web_token
    bx_block_help_centre (0.0.2)
      builder_base
      bx_block_login-3d0582b5
    bx_block_like (0.0.5)
      account_block
      builder_base
      builder_json_web_token
      bx_block_posts-3dc5b993
      bx_block_profile-a9d74b49
      bx_block_push_notifications-c0f9e9b7
    bx_block_location-99004202 (0.0.4)
      account_block
      builder_base
      builder_json_web_token
      bx_block_address-07f1bf4f
      bx_block_appointment_management-eb816fd3
      bx_block_login-3d0582b5
      bx_block_roles_permissions-c50949d0
      geocoder
    bx_block_login-3d0582b5 (0.0.10)
      account_block
      builder_base (> 0.0.30)
      builder_json_web_token
    bx_block_navmenu-1cdc25a4 (0.0.3)
      builder_base
      builder_json_web_token
    bx_block_notifications-a22eb801 (0.0.5)
      account_block
      builder_base
      builder_json_web_token
      bx_block_login-3d0582b5
    bx_block_notifsettings-296428d4 (0.0.2)
      account_block
      builder_base
      builder_json_web_token
      bx_block_login-3d0582b5
    bx_block_posts-3dc5b993 (0.0.15)
      account_block
      activestorage-validator
      builder_base
      builder_json_web_token
      bx_block_categories-acd0763f
      bx_block_login-3d0582b5
    bx_block_profile (0.0.8)
      account_block
      builder_base
      builder_json_web_token
    bx_block_profile-a9d74b49 (0.0.6)
      account_block
      builder_base
      builder_json_web_token
    bx_block_profile_bio (0.1.9)
      account_block
      active_model_validates_intersection_of
      acts-as-taggable-on
      builder_base
      builder_json_web_token
      bx_block_categories-acd0763f
      bx_block_favourites
      bx_block_like
      bx_block_location-99004202
      bx_block_profile-a9d74b49
      bx_block_push_notifications-c0f9e9b7
      bx_block_request_management
      rails (~> 6.0.3, >= 6.0.3.6)
      rswag
    bx_block_push_notifications-c0f9e9b7 (0.0.10)
      bx_block_categories-acd0763f
      byebug
      fcm
    bx_block_request_management (0.0.8)
      account_block
      builder_base
      builder_json_web_token
      bx_block_account_groups
      bx_block_login-3d0582b5
      rswag
    bx_block_roles_permissions-c50949d0 (0.0.6)
      account_block
      builder_base
    bx_block_search (0.1.5)
      account_block
      builder_base
      builder_json_web_token
      bx_block_chat
      bx_block_comments-568532a5
      bx_block_login-3d0582b5
      bx_block_posts-3dc5b993 (~> 0.0.9)
      rails (~> 6.0.3, >= 6.0.3.6)
    bx_block_share (0.0.4)
      account_block
      builder_base
      bx_block_posts-3dc5b993
      twitter
    bx_block_sms (0.0.5)
      builder_base
      twilio-ruby
    bx_block_visual_analytics (0.1.3)
      account_block
      builder_base
      builder_json_web_token
      bx_block_followers-ea7cb581
      bx_block_login-3d0582b5
      rails (~> 6.0.3, >= 6.0.3.6)
    byebug (11.1.3)
    cancancan (3.4.0)
    carrierwave (2.2.3)
      activemodel (>= 5.0.0)
      activesupport (>= 5.0.0)
      addressable (~> 2.6)
      image_processing (~> 1.1)
      marcel (~> 1.0.0)
      mini_mime (>= 0.1.3)
      ssrf_filter (~> 1.0)
    carrierwave-aws (1.5.0)
      aws-sdk-s3 (~> 1.0)
      carrierwave (~> 2.0)
    city-state (0.1.0)
      rubyzip (>= 1.1)
    concurrent-ruby (1.1.10)
    connection_pool (2.3.0)
    countries (3.0.1)
      i18n_data (~> 0.10.0)
      sixarm_ruby_unaccent (~> 1.1)
      unicode_utils (~> 1.4)
    crass (1.0.6)
    devise (4.8.1)
      bcrypt (~> 3.0)
      orm_adapter (~> 0.1)
      railties (>= 4.1.0)
      responders
      warden (~> 1.2.3)
    domain_name (0.5.20190701)
      unf (>= 0.0.5, < 1.0.0)
    dotenv (2.8.1)
    dotenv-rails (2.8.1)
      dotenv (= 2.8.1)
      railties (>= 3.2)
    dry-initializer (3.0.4)
    equalizer (0.0.11)
    erubi (1.11.0)
    et-orbi (1.2.7)
      tzinfo
    faraday (2.7.1)
      faraday-net_http (>= 2.0, < 3.1)
      ruby2_keywords (>= 0.0.4)
    faraday-net_http (3.0.2)
    fast_jsonapi (1.5)
      activesupport (>= 4.2)
    fcm (1.0.8)
      faraday (>= 1.0.0, < 3.0)
      googleauth (~> 1)
    ffi (1.15.5)
    ffi-compiler (1.0.1)
      ffi (>= 1.0.0)
      rake
    figaro (1.2.0)
      thor (>= 0.14.0, < 2)
    formtastic (4.0.0)
      actionpack (>= 5.2.0)
    formtastic_i18n (0.7.0)
    fugit (1.7.2)
      et-orbi (~> 1, >= 1.2.7)
      raabro (~> 1.4)
    geocoder (1.8.1)
    geokit (1.13.1)
    geokit-rails (2.3.2)
      geokit (~> 1.5)
      rails (>= 3.0)
    globalid (1.0.0)
      activesupport (>= 5.0)
    googleauth (1.3.0)
      faraday (>= 0.17.3, < 3.a)
      jwt (>= 1.4, < 3.0)
      memoist (~> 0.16)
      multi_json (~> 1.11)
      os (>= 0.9, < 2.0)
      signet (>= 0.16, < 2.a)
    has_scope (0.8.0)
      actionpack (>= 5.2)
      activesupport (>= 5.2)
    http (4.4.1)
      addressable (~> 2.3)
      http-cookie (~> 1.0)
      http-form_data (~> 2.2)
      http-parser (~> 1.2.0)
    http-cookie (1.0.5)
      domain_name (~> 0.5)
    http-form_data (2.3.0)
    http-parser (1.2.3)
      ffi-compiler (>= 1.0, < 2.0)
    http_parser.rb (0.6.0)
    i18n (1.12.0)
      concurrent-ruby (~> 1.0)
    i18n_data (0.10.0)
    image_processing (1.12.2)
      mini_magick (>= 4.9.5, < 5)
      ruby-vips (>= 2.0.17, < 3)
    inherited_resources (1.13.1)
      actionpack (>= 5.2, < 7.1)
      has_scope (~> 0.6)
      railties (>= 5.2, < 7.1)
      responders (>= 2, < 4)
    jmespath (1.6.1)
    jquery-rails (4.5.1)
      rails-dom-testing (>= 1, < 3)
      railties (>= 4.2.0)
      thor (>= 0.14, < 2.0)
    json (2.6.2)
    json-schema (3.0.0)
      addressable (>= 2.8)
    jsonapi-serializer (2.2.0)
      activesupport (>= 4.2)
    jsonapi.rb (2.0.0)
      jsonapi-serializer
      rack
    jwt (2.5.0)
    kaminari (1.2.2)
      activesupport (>= 4.1.0)
      kaminari-actionview (= 1.2.2)
      kaminari-activerecord (= 1.2.2)
      kaminari-core (= 1.2.2)
    kaminari-actionview (1.2.2)
      actionview
      kaminari-core (= 1.2.2)
    kaminari-activerecord (1.2.2)
      activerecord
      kaminari-core (= 1.2.2)
    kaminari-core (1.2.2)
    loofah (2.19.0)
      crass (~> 1.0.2)
      nokogiri (>= 1.5.9)
    mail (2.7.1)
      mini_mime (>= 0.1.1)
    marcel (1.0.2)
    memoist (0.16.2)
    memoizable (0.4.2)
      thread_safe (~> 0.3, >= 0.3.1)
    method_source (1.0.0)
    mini_magick (4.11.0)
    mini_mime (1.1.2)
    minitest (5.16.3)
    multi_json (1.15.0)
    multipart-post (2.2.3)
    naught (1.1.0)
    nio4r (2.5.8)
    nokogiri (1.13.9-x86_64-linux)
      racc (~> 1.4)
    orm_adapter (0.5.0)
    os (1.1.4)
    pg (1.4.5)
    phonelib (0.6.47)
    prometheus-client (2.1.0)
    public_suffix (5.0.0)
    puma (4.3.12)
      nio4r (~> 2.0)
    pundit (2.2.0)
      activesupport (>= 3.0.0)
    raabro (1.4.0)
    racc (1.6.0)
    rack (2.2.4)
    rack-cors (1.1.1)
      rack (>= 2.0.0)
    rack-test (2.0.2)
      rack (>= 1.3)
    rails (6.0.3.6)
      actioncable (= 6.0.3.6)
      actionmailbox (= 6.0.3.6)
      actionmailer (= 6.0.3.6)
      actionpack (= 6.0.3.6)
      actiontext (= 6.0.3.6)
      actionview (= 6.0.3.6)
      activejob (= 6.0.3.6)
      activemodel (= 6.0.3.6)
      activerecord (= 6.0.3.6)
      activestorage (= 6.0.3.6)
      activesupport (= 6.0.3.6)
      bundler (>= 1.3.0)
      railties (= 6.0.3.6)
      sprockets-rails (>= 2.0.0)
    rails-dom-testing (2.0.3)
      activesupport (>= 4.2.0)
      nokogiri (>= 1.6)
    rails-html-sanitizer (1.4.3)
      loofah (~> 2.3)
    railties (6.0.3.6)
      actionpack (= 6.0.3.6)
      activesupport (= 6.0.3.6)
      method_source
      rake (>= 0.8.7)
      thor (>= 0.20.3, < 2.0)
    rake (13.0.6)
    ransack (2.5.0)
      activerecord (>= 5.2.4)
      activesupport (>= 5.2.4)
      i18n
    redis (4.8.0)
    redis-client (0.2.0)
      connection_pool
    responders (3.0.1)
      actionpack (>= 5.0)
      railties (>= 5.0)
    rspec-core (3.12.0)
      rspec-support (~> 3.12.0)
    rspec-support (3.12.0)
    rswag (2.8.0)
      rswag-api (= 2.8.0)
      rswag-specs (= 2.8.0)
      rswag-ui (= 2.8.0)
    rswag-api (2.8.0)
      railties (>= 3.1, < 7.1)
    rswag-specs (2.8.0)
      activesupport (>= 3.1, < 7.1)
      json-schema (>= 2.2, < 4.0)
      railties (>= 3.1, < 7.1)
      rspec-core (>= 2.14)
    rswag-ui (2.8.0)
      actionpack (>= 3.1, < 7.1)
      railties (>= 3.1, < 7.1)
    ruby-next-core (0.15.3)
    ruby-vips (2.1.4)
      ffi (~> 1.12)
    ruby2_keywords (0.0.5)
    rubyzip (2.3.2)
    sassc (2.4.0)
      ffi (~> 1.9)
    sassc-rails (2.1.2)
      railties (>= 4.0.0)
      sassc (>= 2.0)
      sprockets (> 3.0)
      sprockets-rails
      tilt
    sidekiq (6.1.3)
      connection_pool (>= 2.2.2)
      rack (~> 2.0)
      redis (>= 4.2.0)
    sidekiq-cron (1.8.0)
      fugit (~> 1)
      sidekiq (>= 4.2.1)
    sidekiq_alive (2.1.5)
      sidekiq
      webrick
    signet (0.17.0)
      addressable (~> 2.8)
      faraday (>= 0.17.5, < 3.a)
      jwt (>= 1.5, < 3.0)
      multi_json (~> 1.10)
    simple_oauth (0.3.1)
    sixarm_ruby_unaccent (1.2.0)
    sniffer (0.5.0)
      anyway_config (>= 1.0)
      dry-initializer (~> 3)
    sprockets (4.1.1)
      concurrent-ruby (~> 1.0)
      rack (> 1, < 3)
    sprockets-rails (3.4.2)
      actionpack (>= 5.2)
      activesupport (>= 5.2)
      sprockets (>= 3.0.0)
    ssrf_filter (1.1.1)
    stripe (8.0.0)
    thor (1.2.1)
    thread_safe (0.3.6)
    tilt (2.0.11)
    twilio-ruby (5.73.3)
      faraday (>= 0.9, < 3.0)
      jwt (>= 1.5, <= 2.5)
      nokogiri (>= 1.6, < 2.0)
    twitter (7.0.0)
      addressable (~> 2.3)
      buftok (~> 0.2.0)
      equalizer (~> 0.0.11)
      http (~> 4.0)
      http-form_data (~> 2.0)
      http_parser.rb (~> 0.6.0)
      memoizable (~> 0.4.0)
      multipart-post (~> 2.0)
      naught (~> 1.0)
      simple_oauth (~> 0.3.0)
    tzinfo (1.2.10)
      thread_safe (~> 0.1)
    unf (0.1.4)
      unf_ext
    unf_ext (0.0.8.2)
    unicode_utils (1.4.0)
    validates_zipcode (0.5.1)
      activemodel (>= 4.2.0)
    warden (1.2.9)
      rack (>= 2.0.9)
    webrick (1.7.0)
    websocket-driver (0.7.5)
      websocket-extensions (>= 0.1.0)
    websocket-extensions (0.1.5)
    wisper (2.0.1)
    yabeda (0.11.0)
      anyway_config (>= 1.0, < 3)
      concurrent-ruby
      dry-initializer
    yabeda-http_requests (0.2.0)
      sniffer
      yabeda
    yabeda-prometheus (0.8.0)
      prometheus-client (>= 0.10, < 3.0)
      rack
      yabeda (~> 0.10)
    yabeda-puma-plugin (0.7.0)
      json
      puma
      yabeda (~> 0.5)
    yabeda-rails (0.8.1)
      activesupport
      anyway_config (>= 1.3, < 3)
      railties
      yabeda (~> 0.8)
    yabeda-sidekiq (0.10.0)
      anyway_config (>= 1.3, < 3)
      sidekiq
      yabeda (~> 0.6)
    yaml_db (0.7.0)
      rails (>= 3.0)
      rake (>= 0.8.7)
    zeitwerk (2.6.6)

PLATFORMS
  x86_64-linux

DEPENDENCIES
  account_block (= 0.0.30)
  active_admin_datetimepicker
  active_admin_role
  activeadmin
  activeadmin_json_editor
  builder_base (= 0.0.50)
  bx_block_account_groups (= 0.0.2)
  bx_block_admin (= 0.0.15)
  bx_block_catalogue-0e5da613 (= 0.0.8)
  bx_block_comments-568532a5 (= 0.0.19)
  bx_block_communityforum (= 0.0.3)
  bx_block_contact_us-6e0a750f (= 0.0.3)
  bx_block_cors
  bx_block_custom_form-63cd533b (= 0.0.7)
  bx_block_dashboard-9a14cb77 (= 0.0.3)
  bx_block_forgot_password-4de8968b (= 0.0.6)
  bx_block_help_centre (= 0.0.2)
  bx_block_location-99004202 (= 0.0.4)
  bx_block_login-3d0582b5 (= 0.0.10)
  bx_block_navmenu-1cdc25a4 (= 0.0.3)
  bx_block_notifications-a22eb801 (= 0.0.5)
  bx_block_notifsettings-296428d4 (= 0.0.2)
  bx_block_profile (= 0.0.8)
  bx_block_profile_bio (= 0.1.9)
  bx_block_push_notifications-c0f9e9b7 (= 0.0.10)
  bx_block_roles_permissions-c50949d0 (= 0.0.6)
  bx_block_search (= 0.1.5)
  bx_block_share (= 0.0.4)
  bx_block_visual_analytics (= 0.1.3)
  byebug
  city-state
  devise
  dotenv-rails
  figaro
  image_processing
  pg (>= 0.18, < 2.0)
  puma (~> 4.1)
  rack-cors
  rails (~> 6.0.3, >= 6.0.3.6)
  redis-client (= 0.2.0)
  sassc-rails
  sidekiq (~> 6.1.0)
  sidekiq-cron
  sidekiq_alive
  tzinfo-data
  validates_zipcode
  yabeda-http_requests
  yabeda-prometheus
  yabeda-puma-plugin
  yabeda-rails
  yabeda-sidekiq

RUBY VERSION
   ruby 2.6.5p114

BUNDLED WITH
   2.3.25
